GEM
  remote: http://rubygems.org/
  specs:
    RedCloth (4.2.9)
    activerecord (1.6.0)
    activesupport (4.0.0)
      i18n (~> 0.6, >= 0.6.4)
      minitest (~> 4.2)
      multi_json (~> 1.3)
      thread_safe (~> 0.1)
      tzinfo (~> 0.3.37)
    atomic (1.1.10)
    bluecloth (2.2.0)
    brianjlandau-sdoc-helpers (0.1.5)
    builder (3.2.2)
    expression_parser (0.9.0)
    git (1.2.5)
    i18n (0.6.4)
    jeweler (1.6.4)
      bundler (~> 1.0)
      git (>= 1.2.5)
      rake
    json (1.8.0)
    maruku (0.6.1)
      syntax (>= 1.0.0)
    mini_portile (0.5.1)
    minitest (4.7.5)
    multi_json (1.7.7)
    nokogiri (1.6.0)
      mini_portile (~> 0.5.0)
    polyglot (0.3.3)
    rake (10.1.0)
    rbbcode (1.0.3)
      sanitize
      treetop
    rdiscount (2.1.6)
    rdoc (4.0.1)
      json (~> 1.4)
    redcarpet (3.0.0)
    rpeg-markdown (1.4.6)
    sanitize (2.0.6)
      nokogiri (>= 1.4.4)
    shoulda (3.5.0)
      shoulda-context (~> 1.0, >= 1.0.1)
      shoulda-matchers (>= 1.4.1, < 3.0)
    shoulda-context (1.1.4)
    shoulda-matchers (2.2.0)
      activesupport (>= 3.0.0)
    simplecov (0.7.1)
      multi_json (~> 1.0)
      simplecov-html (~> 0.7.1)
    simplecov-html (0.7.1)
    sqlite3 (1.3.7)
    sqlite3-ruby (1.3.3)
      sqlite3 (>= 1.3.3)
    syntax (1.0.0)
    thread_safe (0.1.0)
      atomic
    treetop (1.4.14)
      polyglot
      polyglot (>= 0.3.1)
    tzinfo (0.3.37)
    wikicloth (0.8.0)
      builder
      expression_parser
    wikitext (4.0.2)

PLATFORMS
  ruby

DEPENDENCIES
  RedCloth
  activerecord
  activesupport
  bluecloth
  brianjlandau-sdoc-helpers
  bundler
  jeweler (~> 1.6.4)
  maruku
  rbbcode
  rdiscount
  rdoc
  redcarpet
  rpeg-markdown
  shoulda
  simplecov
  sqlite3-ruby
  wikicloth
  wikitext
